GEM
  remote: https://rubygems.org/
  specs:
    aws-eventstream (1.0.3)
    aws-partitions (1.173.0)
    aws-sdk-core (3.54.2)
      aws-eventstream (~> 1.0, >= 1.0.2)
      aws-partitions (~> 1.0)
      aws-sigv4 (~> 1.1)
      jmespath (~> 1.0)
    aws-sdk-sqs (1.16.0)
      aws-sdk-core (~> 3, >= 3.53.0)
      aws-sigv4 (~> 1.1)
    aws-sigv4 (1.1.0)
      aws-eventstream (~> 1.0, >= 1.0.2)
    jmespath (1.4.0)

PLATFORMS
  ruby

DEPENDENCIES
  aws-sdk-sqs (~> 1)

BUNDLED WITH
   2.0.1
